GEM
  remote: https://rubygems.org/
  specs:
    coderay (1.1.3)
    fast_jsonparser (0.5.0)
    method_source (1.0.0)
    pry (0.13.1)
      coderay (~> 1.1)
      method_source (~> 1.0)

PLATFORMS
  ruby

DEPENDENCIES
  fast_jsonparser
  pry (~> 0.13.1)

RUBY VERSION
   ruby 2.7.2p137

BUNDLED WITH
   2.1.4
